PATH
  remote: .
  specs:
    deploy_couch (0.0.1)

GEM
  remote: http://rubygems.org/
  specs:

PLATFORMS
  ruby

DEPENDENCIES
  deploy_couch!
